GEM
  remote: https://rubygems.org/
  specs:
    coderay (1.0.9)
    daemon_controller (1.1.5)
    fastthread (1.0.7)
    method_source (0.8.2)
    passenger (3.0.19)
      daemon_controller (>= 1.0.0)
      fastthread (>= 1.0.1)
      rack
      rake (>= 0.8.1)
    pry (0.9.12.2)
      coderay (~> 1.0.5)
      method_source (~> 0.8)
      slop (~> 3.4)
    rack (1.5.2)
    rack-protection (1.5.0)
      rack
    rake (10.1.0)
    sinatra (1.3.5)
      rack (~> 1.4)
      rack-protection (~> 1.3)
      tilt (~> 1.3, >= 1.3.3)
    slop (3.4.6)
    tilt (1.4.1)
    xml-simple (1.1.2)

PLATFORMS
  ruby

DEPENDENCIES
  passenger (= 3.0.19)
  pry
  sinatra (= 1.3.5)
  xml-simple
